GEM
  remote: https://rubygems.org/
  specs:
    POpen4 (0.1.4)
      Platform (>= 0.4.0)
      open4
    Platform (0.4.0)
    addressable (2.3.2)
    airbrake (3.1.6)
      builder
      girl_friday
    backports (2.6.5)
    builder (3.1.4)
    coffee-script (2.2.0)
      coffee-script-source
      execjs
    coffee-script-source (1.4.0)
    columnize (0.3.6)
    connection_pool (0.9.3)
    crack (0.3.1)
    debugger (1.2.2)
      columnize (>= 0.3.1)
      debugger-linecache (~> 1.1.1)
      debugger-ruby_core_source (~> 1.1.5)
    debugger-linecache (1.1.2)
      debugger-ruby_core_source (>= 1.1.1)
    debugger-ruby_core_source (1.1.5)
    eventmachine (1.0.0)
    excon (0.16.10)
    execjs (1.4.0)
      multi_json (~> 1.0)
    fernet (1.5)
    girl_friday (0.11.1)
      connection_pool (~> 0.9.0)
      rubinius-actor
    hike (1.2.1)
    multi_json (1.5.0)
    oj (2.0.0)
    open4 (1.3.0)
    puma (1.6.3)
      rack (~> 1.2)
    rack (1.4.1)
    rack-flash3 (1.0.3)
      rack
    rack-instruments (0.2.2)
      slides (~> 0.2.0)
    rack-protection (1.3.2)
      rack
    rack-ssl (1.3.2)
      rack
    rack-test (0.6.2)
      rack (>= 1.0)
    rack_csrf (2.4.0)
      rack (>= 0.9)
    rr (1.0.4)
    rubinius-actor (0.0.2)
      rubinius-core-api
    rubinius-core-api (0.0.1)
    sinatra (1.3.3)
      rack (~> 1.3, >= 1.3.6)
      rack-protection (~> 1.2)
      tilt (~> 1.3, >= 1.3.3)
    sinatra-contrib (1.3.2)
      backports (>= 2.0)
      eventmachine
      rack-protection
      rack-test
      sinatra (~> 1.3.0)
      tilt (~> 1.3)
    sinatra-router (0.2.0)
      sinatra (~> 1.3.3)
    slides (0.2.0)
    slim (1.3.5)
      temple (~> 0.5.5)
      tilt (~> 1.3.3)
    sprockets (2.8.1)
      hike (~> 1.2)
      multi_json (~> 1.0)
      rack (~> 1.0)
      tilt (~> 1.1, != 1.3.0)
    temple (0.5.5)
    tilt (1.3.3)
    webmock (1.9.0)
      addressable (>= 2.2.7)
      crack (>= 0.1.7)
    yui-compressor (0.9.6)
      POpen4 (>= 0.1.4)

PLATFORMS
  ruby

DEPENDENCIES
  addressable
  airbrake
  coffee-script
  debugger
  excon
  fernet
  multi_json
  oj
  puma
  rack
  rack-flash3
  rack-instruments
  rack-ssl
  rack-test
  rack_csrf
  rr
  sinatra
  sinatra-contrib
  sinatra-router
  slim
  sprockets
  webmock
  yui-compressor
